GEM
  remote: https://rubygems.org/
  specs:
    builder (3.2.4)
    diff-lcs (1.5.0)
    docile (1.4.0)
    httparty (0.21.0)
      mini_mime (>= 1.0.0)
      multi_xml (>= 0.5.2)
    mini_mime (1.1.2)
    multi_xml (0.6.0)
    rspec (3.12.0)
      rspec-core (~> 3.12.0)
      rspec-expectations (~> 3.12.0)
      rspec-mocks (~> 3.12.0)
    rspec-core (3.12.2)
      rspec-support (~> 3.12.0)
    rspec-expectations (3.12.3)
      diff-lcs (>= 1.2.0, < 2.0)
      rspec-support (~> 3.12.0)
    rspec-mocks (3.12.5)
      diff-lcs (>= 1.2.0, < 2.0)
      rspec-support (~> 3.12.0)
    rspec-support (3.12.0)
    simplecov (0.22.0)
      docile (~> 1.1)
      simplecov-html (~> 0.11)
      simplecov_json_formatter (~> 0.1)
    simplecov-html (0.12.3)
    simplecov_json_formatter (0.1.4)
    twilio (3.1.1)
      builder (>= 2.1.2)
      httparty (>= 0.8)

PLATFORMS
  arm64-darwin-21

DEPENDENCIES
  rspec (~> 3.12)
  simplecov (~> 0.22.0)
  twilio (~> 3.1)

BUNDLED WITH
   2.4.12
